GEM
  remote: https://rubygems.org/
  specs:
    linefit (0.3.1)

PLATFORMS
  ruby

DEPENDENCIES
  linefit
